GEM
  remote: http://rubygems.org/
  specs:
    actionpack (2.3.8)
      activesupport (= 2.3.8)
      rack (~> 1.1.0)
    activerecord (2.3.8)
      activesupport (= 2.3.8)
    activesupport (2.3.8)
    rack (1.1.0)
    rake (0.8.7)
    redgreen (1.2.2)
    sqlite3-ruby (1.2.5)

PLATFORMS
  ruby

DEPENDENCIES
  actionpack
  activerecord
  activesupport
  rake
  redgreen
  sqlite3-ruby
